GEM
  remote: https://rubygems.org/
  specs:
    breakpoint (1.3)
      compass (>= 0.12.1)
      sass (>= 3.2.0)
    chunky_png (1.2.8)
    color-schemer (0.2.5)
      compass (~> 0.12)
      compass-blend-modes (~> 0.0.2)
    compass (0.12.2)
      chunky_png (~> 1.2)
      fssm (>= 0.2.7)
      sass (~> 3.1)
    compass-blend-modes (0.0.2)
      compass
    compass-normalize (1.4.3)
      compass (>= 0.12.0)
    fssm (0.2.10)
    modular-scale (1.0.6)
      compass (>= 0.12.1)
      sass (>= 3.2.0)
      sassy-math (>= 1.5)
    respond-to (2.6)
      breakpoint (>= 1.3)
    sass (3.2.9)
    sassy-buttons (0.1.4)
      compass (>= 0.12.2)
      sass (>= 3.2.0)
    sassy-math (1.5)
      compass (~> 0.11)
    sassy-strings (0.3.1)
      compass (>= 0.12.2)
    singularity-extras (0.0.3)
      modular-scale (>= 1.0.6)
      sassy-math (>= 1.5)
      singularitygs (>= 0.0.1)
    singularitygs (1.0.4)
      breakpoint (>= 1.1.1)
      compass (>= 0.12.2)
      sass (>= 3.2.1)
    snugug-styleguide (1.0.1)
      color-schemer (>= 0.2.3)
      compass (>= 0.12.1)
      compass-normalize (>= 1.4.1)
      modular-scale (>= 1.0.6)
      sass (>= 3.2.3)
      sassy-buttons (= 0.1.4)
      toolkit (>= 0.2.6)
    susy (1.0.8)
      compass (>= 0.12.2)
      sass (>= 3.2.0)
    toolkit (0.2.6)
      compass (>= 0.12.2)
      respond-to (>= 2.6)
      sassy-strings (>= 0.1)
      singularitygs (>= 0.0.17)
      susy (>= 1.0.5)

PLATFORMS
  ruby

DEPENDENCIES
  breakpoint (~> 1.3)
  respond-to (~> 2.6)
  sassy-math (~> 1.5)
  singularity-extras (< 1.0.0)
  snugug-styleguide (~> 1.0.1)
